PATH
  remote: .
  specs:
    relaton-cli (0.3.13)
      liquid
      relaton (~> 0.5)
      thor

GEM
  remote: https://rubygems.org/
  specs:
    addressable (2.7.0)
      public_suffix (>= 2.0.2, < 5.0)
    byebug (10.0.2)
    cnccs (0.1.5)
    coderay (1.1.2)
    debase (0.2.3)
      debase-ruby_core_source (>= 0.10.2)
    debase-ruby_core_source (0.10.5)
    diff-lcs (1.3)
    docile (1.3.2)
    equivalent-xml (0.6.0)
      nokogiri (>= 1.4.3)
    faraday (0.17.0)
      multipart-post (>= 1.2, < 3)
    gb-agencies (0.0.6)
    isoics (0.1.8)
    json (2.2.0)
    liquid (4.0.3)
    method_source (0.9.2)
    mini_portile2 (2.4.0)
    mixlib-shellout (2.4.4)
    multipart-post (2.1.1)
    nokogiri (1.10.5)
      mini_portile2 (~> 2.4.0)
    pry (0.12.2)
      coderay (~> 1.1.0)
      method_source (~> 0.9.0)
    public_suffix (4.0.1)
    rake (12.3.3)
    relaton (0.5.13)
      relaton-calconnect (~> 0.1.0)
      relaton-gb (~> 0.6.0)
      relaton-iec (~> 0.4.0)
      relaton-ietf (~> 0.6.0)
      relaton-iso (~> 0.6.0)
      relaton-itu (~> 0.3.0)
      relaton-nist (~> 0.3.0)
      relaton-ogc (~> 0.1.0)
    relaton-bib (0.3.12)
      addressable
      nokogiri
    relaton-calconnect (0.1.0)
      faraday
      relaton-iso-bib (~> 0.3.0)
    relaton-gb (0.6.7)
      cnccs (~> 0.1.1)
      gb-agencies (~> 0.0.1)
      relaton-iso-bib (~> 0.3.0)
    relaton-iec (0.4.10)
      addressable
      relaton-iso-bib (~> 0.3.0)
    relaton-ietf (0.6.10)
      relaton-bib (~> 0.3.0)
    relaton-iso (0.6.9)
      relaton-iec (~> 0.4.0)
      relaton-iso-bib (~> 0.3.0)
    relaton-iso-bib (0.3.12)
      isoics (~> 0.1.6)
      relaton-bib (~> 0.3.0)
      ruby_deep_clone (~> 0.8.0)
    relaton-itu (0.3.7)
      relaton-iso-bib (~> 0.3.0)
    relaton-nist (0.3.8)
      relaton-bib (~> 0.3.0)
      rubyzip
    relaton-ogc (0.1.4)
      faraday
      relaton-iso-bib (~> 0.3.0)
    rspec (3.8.0)
      rspec-core (~> 3.8.0)
      rspec-expectations (~> 3.8.0)
      rspec-mocks (~> 3.8.0)
    rspec-command (1.0.3)
      mixlib-shellout (~> 2.0)
      rspec (~> 3.2)
      rspec-its (~> 1.2)
    rspec-core (3.8.2)
      rspec-support (~> 3.8.0)
    rspec-expectations (3.8.4)
      diff-lcs (>= 1.2.0, < 2.0)
      rspec-support (~> 3.8.0)
    rspec-its (1.3.0)
      rspec-core (>= 3.0.0)
      rspec-expectations (>= 3.0.0)
    rspec-mocks (3.8.1)
      diff-lcs (>= 1.2.0, < 2.0)
      rspec-support (~> 3.8.0)
    rspec-support (3.8.2)
    ruby-debug-ide (0.7.0)
      rake (>= 0.8.1)
    ruby_deep_clone (0.8.0)
    rubyzip (2.0.0)
    simplecov (0.17.0)
      docile (~> 1.1)
      json (>= 1.8, < 3)
      simplecov-html (~> 0.10.0)
    simplecov-html (0.10.2)
    thor (0.20.3)

PLATFORMS
  ruby

DEPENDENCIES
  byebug (~> 10.0)
  debase
  equivalent-xml (~> 0.6)
  pry
  rake (~> 12.0)
  relaton-cli!
  rspec (~> 3.0)
  rspec-command (~> 1.0.3)
  rspec-core (~> 3.4)
  ruby-debug-ide
  simplecov

BUNDLED WITH
   2.0.2
