PATH
  remote: .
  specs:
    relaton-cli (0.1.4)
      liquid
      relaton (~> 0.3)
      thor

GEM
  remote: https://rubygems.org/
  specs:
    addressable (2.5.2)
      public_suffix (>= 2.0.2, < 4.0)
    algoliasearch (1.24.0)
      httpclient (~> 2.8, >= 2.8.3)
      json (>= 1.5.1)
    byebug (10.0.2)
    cnccs (0.1.3)
    coderay (1.1.2)
    diff-lcs (1.3)
    equivalent-xml (0.6.0)
      nokogiri (>= 1.4.3)
    gb-agencies (0.0.5)
    gbbib (0.4.3)
      cnccs (~> 0.1.1)
      gb-agencies (~> 0.0.1)
      iso-bib-item (~> 0.4.2)
    httpclient (2.8.3)
    iecbib (0.2.2)
      addressable
      iso-bib-item (~> 0.4.2)
    ietfbib (0.4.5)
      iso-bib-item (~> 0.4.2)
    iso-bib-item (0.4.4)
      isoics (~> 0.1.6)
      nokogiri (~> 1.8.4)
      ruby_deep_clone (~> 0.8.0)
    isobib (0.4.2)
      algoliasearch
      iecbib (~> 0.2.1)
      iso-bib-item (~> 0.4.2)
    isoics (0.1.7)
    json (2.1.0)
    liquid (4.0.1)
    method_source (0.9.2)
    mini_portile2 (2.3.0)
    mixlib-shellout (2.4.2)
    nokogiri (1.8.5)
      mini_portile2 (~> 2.3.0)
    pry (0.12.2)
      coderay (~> 1.1.0)
      method_source (~> 0.9.0)
    public_suffix (3.0.3)
    rake (12.3.2)
    relaton (0.3.1)
      algoliasearch
      gbbib (~> 0.4.0)
      iecbib (~> 0.2.0)
      ietfbib (~> 0.4.2)
      iso-bib-item (~> 0.4.2)
      isobib (~> 0.4.0)
    rspec (3.8.0)
      rspec-core (~> 3.8.0)
      rspec-expectations (~> 3.8.0)
      rspec-mocks (~> 3.8.0)
    rspec-command (1.0.3)
      mixlib-shellout (~> 2.0)
      rspec (~> 3.2)
      rspec-its (~> 1.2)
    rspec-core (3.8.0)
      rspec-support (~> 3.8.0)
    rspec-expectations (3.8.2)
      diff-lcs (>= 1.2.0, < 2.0)
      rspec-support (~> 3.8.0)
    rspec-its (1.2.0)
      rspec-core (>= 3.0.0)
      rspec-expectations (>= 3.0.0)
    rspec-mocks (3.8.0)
      diff-lcs (>= 1.2.0, < 2.0)
      rspec-support (~> 3.8.0)
    rspec-support (3.8.0)
    ruby_deep_clone (0.8.0)
    thor (0.20.3)

PLATFORMS
  ruby

DEPENDENCIES
  bundler (~> 1.16)
  byebug (~> 10.0)
  equivalent-xml (~> 0.6)
  pry
  rake (~> 12.0)
  relaton-cli!
  rspec (~> 3.0)
  rspec-command (~> 1.0.3)
  rspec-core (~> 3.4)

BUNDLED WITH
   1.17.1
