PATH
  remote: .
  specs:
    relaton-cli (0.3.2)
      liquid
      relaton (~> 0.5)
      thor

GEM
  remote: https://rubygems.org/
  specs:
    addressable (2.6.0)
      public_suffix (>= 2.0.2, < 4.0)
    algoliasearch (1.26.1)
      httpclient (~> 2.8, >= 2.8.3)
      json (>= 1.5.1)
    byebug (10.0.2)
    cnccs (0.1.3)
    coderay (1.1.2)
    debase (0.2.3)
      debase-ruby_core_source (>= 0.10.2)
    debase-ruby_core_source (0.10.5)
    diff-lcs (1.3)
    equivalent-xml (0.6.0)
      nokogiri (>= 1.4.3)
    gb-agencies (0.0.5)
    httpclient (2.8.3)
    isoics (0.1.7)
    json (2.2.0)
    liquid (4.0.3)
    method_source (0.9.2)
    mini_portile2 (2.4.0)
    mixlib-shellout (2.4.4)
    nokogiri (1.10.3)
      mini_portile2 (~> 2.4.0)
    pry (0.12.2)
      coderay (~> 1.1.0)
      method_source (~> 0.9.0)
    public_suffix (3.1.1)
    rake (12.3.3)
    relaton (0.5.1)
      algoliasearch
      relaton-gb (~> 0.6.0)
      relaton-iec (~> 0.4.0)
      relaton-ietf (~> 0.6.0)
      relaton-iso (~> 0.6.0)
      relaton-itu (~> 0.3.0)
      relaton-nist (~> 0.3.0)
    relaton-bib (0.3.3)
      addressable
      nokogiri (~> 1.10)
    relaton-gb (0.6.1)
      cnccs (~> 0.1.1)
      gb-agencies (~> 0.0.1)
      relaton-iso-bib (~> 0.3.0)
    relaton-iec (0.4.2)
      addressable
      relaton-iso-bib (~> 0.3.0)
    relaton-ietf (0.6.1)
      relaton-bib (~> 0.3.0)
    relaton-iso (0.6.2)
      relaton-iec (~> 0.4.0)
      relaton-iso-bib (~> 0.3.0)
    relaton-iso-bib (0.3.2)
      isoics (~> 0.1.6)
      relaton-bib (~> 0.3.0)
      ruby_deep_clone (~> 0.8.0)
    relaton-itu (0.3.1)
      relaton-iso-bib (~> 0.3.0)
    relaton-nist (0.3.1)
      relaton-bib (~> 0.3.0)
      rubyzip
    rspec (3.8.0)
      rspec-core (~> 3.8.0)
      rspec-expectations (~> 3.8.0)
      rspec-mocks (~> 3.8.0)
    rspec-command (1.0.3)
      mixlib-shellout (~> 2.0)
      rspec (~> 3.2)
      rspec-its (~> 1.2)
    rspec-core (3.8.2)
      rspec-support (~> 3.8.0)
    rspec-expectations (3.8.4)
      diff-lcs (>= 1.2.0, < 2.0)
      rspec-support (~> 3.8.0)
    rspec-its (1.3.0)
      rspec-core (>= 3.0.0)
      rspec-expectations (>= 3.0.0)
    rspec-mocks (3.8.1)
      diff-lcs (>= 1.2.0, < 2.0)
      rspec-support (~> 3.8.0)
    rspec-support (3.8.2)
    ruby-debug-ide (0.7.0)
      rake (>= 0.8.1)
    ruby_deep_clone (0.8.0)
    rubyzip (1.2.3)
    thor (0.20.3)

PLATFORMS
  ruby

DEPENDENCIES
  byebug (~> 10.0)
  debase
  equivalent-xml (~> 0.6)
  pry
  rake (~> 12.0)
  relaton-cli!
  rspec (~> 3.0)
  rspec-command (~> 1.0.3)
  rspec-core (~> 3.4)
  ruby-debug-ide

BUNDLED WITH
   2.0.2
